PATH
  remote: .
  specs:
    indefdb (1.0.0)

GEM
  remote: https://rubygems.org/
  specs:
    actionview (5.2.4.3)
      activesupport (= 5.2.4.3)
      builder (~> 3.1)
      erubi (~> 1.4)
      rails-dom-testing (~> 2.0)
      rails-html-sanitizer (~> 1.0, >= 1.0.3)
    activesupport (5.2.4.3)
      concurrent-ruby (~> 1.0, >= 1.0.2)
      i18n (>= 0.7, < 2)
      minitest (~> 5.1)
      tzinfo (~> 1.1)
    backports (3.15.0)
    builder (3.2.4)
    concurrent-ruby (1.1.6)
    crass (1.0.6)
    daru (0.2.2)
      backports
      packable (~> 1.3.9)
    daru-data_tables (0.3.5)
      daru
    daru-view (0.2.5)
      actionview
      daru
      daru-data_tables
      google_visualr
      lazy_high_charts
      nyaplot
      thor
    erubi (1.9.0)
    google_visualr (2.5.1)
    hash-deep-merge (0.1.1)
    hippie_csv (0.1.0)
      rchardet
    i18n (1.8.3)
      concurrent-ruby (~> 1.0)
    lazy_high_charts (1.5.8)
      hash-deep-merge
    loofah (2.6.0)
      crass (~> 1.0.2)
      nokogiri (>= 1.5.9)
    mini_portile2 (2.4.0)
    minitest (5.14.1)
    mustermann (1.1.0)
      ruby2_keywords (~> 0.0.1)
    nokogiri (1.10.10)
      mini_portile2 (~> 2.4.0)
    nyaplot (0.1.6)
    packable (1.3.10)
      backports
    rack (2.0.8)
    rack-protection (2.0.8)
      rack
    rails-dom-testing (2.0.3)
      activesupport (>= 4.2.0)
      nokogiri (>= 1.6)
    rails-html-sanitizer (1.3.0)
      loofah (~> 2.3)
    rchardet (1.8.0)
    ruby2_keywords (0.0.1)
    sinatra (2.0.8)
      mustermann (~> 1.0)
      rack (~> 2.0)
      rack-protection (= 2.0.8)
      tilt (~> 2.0)
    thor (1.0.1)
    thread_safe (0.3.6)
    tilt (2.0.10)
    tzinfo (1.2.7)
      thread_safe (~> 0.1)

PLATFORMS
  ruby

DEPENDENCIES
  daru!
  daru-data_tables!
  daru-view!
  hippie_csv!
  indefdb!
  sinatra!

BUNDLED WITH
   2.1.2
